PATH
  remote: .
  specs:
    bravo_model (0.0.2)
      bravo_support

GEM
  remote: http://rubygems.org/
  specs:
    bravo_support (0.0.1)

PLATFORMS
  ruby

DEPENDENCIES
  bravo_model!
