PATH
  remote: .
  specs:
    bravo_model (0.0.3)

GEM
  remote: http://rubygems.org/
  specs:

PLATFORMS
  ruby

DEPENDENCIES
  bravo_model!
